GEM
  remote: https://rubygems.org/
  specs:
    async (1.28.5)
      console (~> 1.10)
      nio4r (~> 2.3)
      timers (~> 4.1)
    async-container (0.16.8)
      async (~> 1.0)
      async-io (~> 1.26)
    async-http (0.54.1)
      async (~> 1.25)
      async-io (~> 1.28)
      async-pool (~> 0.2)
      protocol-http (~> 0.21.0)
      protocol-http1 (~> 0.13.0)
      protocol-http2 (~> 0.14.0)
    async-http-cache (0.3.0)
      async-http (~> 0.53)
    async-io (1.30.1)
      async (~> 1.14)
    async-pool (0.3.3)
      async (~> 1.25)
    build-environment (1.13.0)
    console (1.10.1)
      fiber-local
    daemons (1.3.1)
    eventmachine (1.2.7)
    falcon (0.37.2)
      async (~> 1.13)
      async-container (~> 0.16.0)
      async-http (~> 0.54.0)
      async-http-cache (~> 0.3.0)
      async-io (~> 1.22)
      build-environment (~> 1.13)
      bundler
      localhost (~> 1.1)
      process-metrics (~> 0.2.0)
      rack (>= 1.0)
      samovar (~> 2.1)
    fiber-local (1.0.0)
    kgio (2.11.3)
    localhost (1.1.6)
    mapping (1.1.1)
    nio4r (2.5.4)
    passenger (6.0.7)
      rack
      rake (>= 0.8.1)
    process-metrics (0.2.1)
      console (~> 1.8)
      samovar (~> 2.1)
    protocol-hpack (1.4.2)
    protocol-http (0.21.0)
    protocol-http1 (0.13.2)
      protocol-http (~> 0.19)
    protocol-http2 (0.14.2)
      protocol-hpack (~> 1.4)
      protocol-http (~> 0.18)
    puma (5.2.0)
      nio4r (~> 2.0)
    rack (2.2.3)
    rack-timeout (0.6.0)
    raindrops (0.19.1)
    rake (13.0.3)
    samovar (2.1.4)
      console (~> 1.0)
      mapping (~> 1.0)
    thin (1.8.0)
      daemons (~> 1.0, >= 1.0.9)
      eventmachine (~> 1.0, >= 1.0.4)
      rack (>= 1, < 3)
    timers (4.3.2)
    unicorn (5.8.0)
      kgio (~> 2.6)
      raindrops (~> 0.7)
    webrick (1.7.0)

PLATFORMS
  x86_64-darwin-19

DEPENDENCIES
  falcon (~> 0.37.2)
  passenger (~> 6.0, >= 6.0.7)
  puma (~> 5.2)
  rack (~> 2.2, >= 2.2.3)
  rack-timeout (~> 0.6.0)
  thin (~> 1.8)
  unicorn (~> 5.8)
  webrick (~> 1.7)

BUNDLED WITH
   2.2.4
